GEM
  remote: https://rubygems.org/
  specs:
    json (2.6.1)
    openssl (3.0.0)

PLATFORMS
  arm64-darwin-20

DEPENDENCIES
  json
  openssl

BUNDLED WITH
   2.3.3
